GEM
  remote: http://rubygems.org/
  specs:
    gosu (0.7.35)
    rmagick (2.13.1)

PLATFORMS
  ruby

DEPENDENCIES
  gosu (= 0.7.35)
  rmagick (= 2.13.1)
